PATH
  remote: .
  specs:
    mature_factory (0.2.6)
      dry-inflector (~> 0.1)
      simple_facade (~> 0.2)

GEM
  remote: https://rubygems.org/
  specs:
    byebug (11.0.1)
    coderay (1.1.3)
    diff-lcs (1.3)
    dry-inflector (0.1.2)
    method_source (0.9.2)
    pry (0.12.0)
      coderay (~> 1.1.0)
      method_source (~> 0.9.0)
    pry-byebug (3.7.0)
      byebug (~> 11.0)
      pry (~> 0.10)
    rake (13.0.1)
    rspec (3.9.0)
      rspec-core (~> 3.9.0)
      rspec-expectations (~> 3.9.0)
      rspec-mocks (~> 3.9.0)
    rspec-core (3.9.2)
      rspec-support (~> 3.9.3)
    rspec-expectations (3.9.2)
      diff-lcs (>= 1.2.0, < 2.0)
      rspec-support (~> 3.9.0)
    rspec-mocks (3.9.1)
      diff-lcs (>= 1.2.0, < 2.0)
      rspec-support (~> 3.9.0)
    rspec-support (3.9.3)
    rspec_vars_helper (0.1.0)
      rspec (>= 2.4)
    simple_facade (0.2.0)

PLATFORMS
  ruby

DEPENDENCIES
  bundler (~> 1.17)
  byebug
  mature_factory!
  pry (= 0.12)
  pry-byebug
  rake (>= 12.3.3)
  rspec (~> 3.0)
  rspec_vars_helper (~> 0.1)

BUNDLED WITH
   1.17.0
